GEM
  remote: https://rubygems.org/
  specs:
    sentimental (1.0.3)

PLATFORMS
  ruby

DEPENDENCIES
  sentimental
